PATH
  remote: .
  specs:
    git-review (1.1.6)
      gli
      launchy
      octokit
      yajl-ruby

GEM
  remote: http://rubygems.org/
  specs:
    addressable (2.3.5)
    diff-lcs (1.2.4)
    faraday (0.8.8)
      multipart-post (~> 1.2.0)
    gli (2.7.0)
    hashie (2.0.5)
    launchy (2.3.0)
      addressable (~> 2.3)
    multipart-post (1.2.0)
    octokit (2.0.0)
      sawyer (~> 0.3.0)
    rspec (2.13.0)
      rspec-core (~> 2.13.0)
      rspec-expectations (~> 2.13.0)
      rspec-mocks (~> 2.13.0)
    rspec-core (2.13.1)
    rspec-expectations (2.13.0)
      diff-lcs (>= 1.1.3, < 2.0)
    rspec-mocks (2.13.1)
    sawyer (0.3.0)
      faraday (~> 0.8, < 0.10)
      uri_template (~> 0.5.0)
    uri_template (0.5.3)
    yajl-ruby (1.1.0)

PLATFORMS
  ruby

DEPENDENCIES
  git-review!
  hashie
  rspec
